GEM
  remote: http://rubygems.org/
  specs:
    Selenium (1.1.14)
    activesupport (3.1.10)
      multi_json (>= 1.0, < 1.3)
    builder (3.1.4)
    capybara (2.0.2)
      mime-types (>= 1.16)
      nokogiri (>= 1.3.3)
      rack (>= 1.0.0)
      rack-test (>= 0.5.4)
      selenium-webdriver (~> 2.0)
      xpath (~> 1.0.0)
    childprocess (0.3.8)
      ffi (~> 1.0, >= 1.0.11)
    coderay (1.0.8)
    commonwatir (4.0.0)
    cucumber (1.2.1)
      builder (>= 2.1.2)
      diff-lcs (>= 1.1.3)
      gherkin (~> 2.11.0)
      json (>= 1.4.6)
    cukeforker (0.1.7)
      cucumber (>= 1.1.5)
      vnctools (~> 0.0.4)
    cukeforker-webdriver (0.0.1)
      capybara
      childprocess
      cucumber
      gherkin
      rspec
      selenium-webdriver
    diff-lcs (1.1.3)
    dnssd (2.0)
    ffi (1.4.0)
    firewatir (1.9.4)
      commonwatir (>= 1.9.2)
    gherkin (2.11.5)
      json (>= 1.4.6)
    hoe (3.4.0)
      rake (>= 0.8, < 11.0)
    i18n (0.6.1)
    json (1.7.5)
    method_source (0.8.1)
    mime-types (1.21)
    mocha (0.9.12)
    multi_json (1.2.0)
    nokogiri (1.5.6)
    parallel (0.6.2)
    parallel_tests (0.10.0)
      parallel
    pry (0.9.10)
      coderay (~> 1.0.5)
      method_source (~> 0.8)
      slop (~> 3.3.1)
    rack (1.4.5)
    rack-test (0.6.2)
      rack (>= 1.0)
    rake (0.9.6)
    rspec (2.12.0)
      rspec-core (~> 2.12.0)
      rspec-expectations (~> 2.12.0)
      rspec-mocks (~> 2.12.0)
    rspec-core (2.12.2)
    rspec-expectations (2.12.1)
      diff-lcs (~> 1.1.3)
    rspec-mocks (2.12.1)
    rubigen (1.5.7)
      activesupport (>= 2.3.5)
      i18n
    rubyzip (0.9.9)
    s4t-utils (1.0.4)
      hoe (>= 1.3.0)
    selenium-webdriver (2.30.0)
      childprocess (>= 0.2.5)
      multi_json (~> 1.0)
      rubyzip
      websocket (~> 1.0.4)
    slop (3.3.3)
    specjour (0.7.0)
      dnssd (= 2.0.0)
      thor (>= 0.14.0)
    taza (0.9.1.2)
      Selenium (~> 1.1.14)
      firewatir (~> 1.9.4)
      mocha (~> 0.9.3)
      rake (~> 0.9.2)
      rspec (~> 2.6)
      rubigen (~> 1.5.6)
      user-choices (~> 1.1.6.1)
      watir-webdriver (~> 0.4)
    thor (0.17.0)
    user-choices (1.1.6.1)
      builder (>= 2.1.2)
      s4t-utils (>= 1.0.3)
      xml-simple (>= 1.0.11)
    vnctools (0.0.5)
      childprocess
    watir-webdriver (0.6.2)
      selenium-webdriver (>= 2.18.0)
    websocket (1.0.7)
    xml-simple (1.1.2)
    xpath (1.0.0)
      nokogiri (~> 1.3)

PLATFORMS
  ruby

DEPENDENCIES
  cucumber
  cukeforker (= 0.1.7)
  cukeforker-webdriver
  parallel_tests
  pry
  specjour
  taza (= 0.9.1.2)
